GEM
  remote: https://rubygems.org/
  specs:
    minitest (5.4.2)
    minitest-colorize (0.0.5)
      minitest (>= 2.0)

PLATFORMS
  ruby

DEPENDENCIES
  minitest-colorize
